PATH
  remote: .
  specs:
    LogParser (0.1.0)

GEM
  remote: https://rubygems.org/
  specs:
    byebug (11.1.1)
    minitest (5.14.0)
    rake (10.5.0)

PLATFORMS
  x64-mingw32

DEPENDENCIES
  LogParser!
  bundler
  byebug (~> 11.1)
  minitest (~> 5.0)
  rake (~> 10.0)

BUNDLED WITH
   2.1.4
