PATH
  remote: .
  specs:
    weblog-parser (0.0.1)

GEM
  remote: https://rubygems.org/
  specs:
    byebug (11.1.1)
    minitest (5.14.0)
    rake (13.0.6)

PLATFORMS
  x64-mingw32
  x86_64-linux

DEPENDENCIES
  bundler (~> 2.1.4)
  byebug (~> 11.1)
  minitest (~> 5.0)
  rake (~> 13.0)
  weblog-parser!

BUNDLED WITH
   2.1.4
